GEM
  remote: https://rubygems.org/
  specs:
    cinch (2.1.0)
    ruby-sox (0.0.1)
    text-hyphen (1.4.1)
    tts (0.5.0)

PLATFORMS
  ruby

DEPENDENCIES
  cinch
  ruby-sox
  text-hyphen
  tts
