GEM
  remote: https://rubygems.org/
  specs:
    cinch (2.1.0)
    diff-lcs (1.3)
    espeak-ruby (1.0.4)
    rspec (3.8.0)
      rspec-core (~> 3.8.0)
      rspec-expectations (~> 3.8.0)
      rspec-mocks (~> 3.8.0)
    rspec-core (3.8.0)
      rspec-support (~> 3.8.0)
    rspec-expectations (3.8.1)
      diff-lcs (>= 1.2.0, < 2.0)
      rspec-support (~> 3.8.0)
    rspec-mocks (3.8.0)
      diff-lcs (>= 1.2.0, < 2.0)
      rspec-support (~> 3.8.0)
    rspec-support (3.8.0)
    ruby-sox (0.0.1)
    text-hyphen (1.4.1)

PLATFORMS
  ruby

DEPENDENCIES
  cinch
  espeak-ruby
  rspec
  ruby-sox
  text-hyphen

BUNDLED WITH
   1.11.2
