GEM
  remote: https://rubygems.org/
  specs:
    cinch (2.1.0)
    espeak-ruby (1.0.4)
    ruby-sox (0.0.1)
    text-hyphen (1.4.1)

PLATFORMS
  ruby

DEPENDENCIES
  cinch
  espeak-ruby
  ruby-sox
  text-hyphen

BUNDLED WITH
   1.11.2
